{
	"ConversionSoftware": "dicm2nii.m 20220526",
	"SeriesNumber": 7,
	"SeriesDescription": "01ep2d_bold_SMS3",
	"ImageType": ["ORIGINAL", "PRIMARY", "FMRI", "NONE"],
	"Modality": "MR",
	"AcquisitionDateTime": "20220925130139.785000",
	"TaskName": "01ep2dboldSMS3",
	"TotalReadoutTime": 0.015640052,
	"SliceTiming": [
		0.707,
		0,
		0.49,
		0.053,
		0.543,
		0.108,
		0.598,
		0.163,
		0.652,
		0.27,
		0.76,
		0.325,
		0.815,
		0.38,
		0.87,
		0.435,
		0.925,
		0.218,
		0.707,
		0,
		0.49,
		0.053,
		0.543,
		0.108,
		0.598,
		0.163,
		0.652,
		0.27,
		0.76,
		0.325,
		0.815,
		0.38,
		0.87,
		0.435,
		0.925,
		0.218	],
	"RepetitionTime": 1,
	"ParallelReductionFactorInPlane": 3,
	"ParallelAcquisitionTechnique": "SliceAccel",
	"PhaseEncodingDirection": "j-",
	"EffectiveEchoSpacing": 0.00022666742,
	"EchoTime": 0.03,
	"SliceThickness": 3.7,
	"FlipAngle": 75,
	"Manufacturer": "Siemens",
	"SoftwareVersion": "syngo MR XA20",
	"MRAcquisitionType": "2D",
	"InstitutionName": "Hospital da Luz Coimbra",
	"InstitutionAddress": "Praceta Prof. Robalo Cordeiro,Coimbra,PT,3020-479",
	"DeviceSerialNumber": "175733",
	"SequenceName": "*epfid2d1_70"
}
