{
	"ConversionSoftware": "dicm2nii.m 20220526",
	"SeriesNumber": 13,
	"SeriesDescription": "t1_mprage_sag_p2_iso",
	"ImageType": ["ORIGINAL", "PRIMARY", "M", "NONE"],
	"Modality": "MR",
	"AcquisitionDateTime": "20220827173005.127500",
	"RepetitionTime": 2.3,
	"ParallelReductionFactorInPlane": 2,
	"ParallelAcquisitionTechnique": "GRAPPA",
	"PhaseEncodingDirection": "j-",
	"EchoTime": 0.00232,
	"SliceThickness": 0.9,
	"FlipAngle": 8,
	"Manufacturer": "Siemens",
	"SoftwareVersion": "syngo MR XA20",
	"MRAcquisitionType": "3D",
	"InstitutionName": "Hospital da Luz Coimbra",
	"InstitutionAddress": "Praceta Prof. Robalo Cordeiro,Coimbra,PT,3020-479",
	"DeviceSerialNumber": "175733",
	"SequenceName": "*tfl3d1_16ns"
}
