{
	"ConversionSoftware": "dicm2nii.m 20220526",
	"SeriesNumber": 7,
	"SeriesDescription": "01ep2d_bold_SMS3",
	"ImageType": ["ORIGINAL", "PRIMARY", "FMRI", "NONE"],
	"Modality": "MR",
	"AcquisitionDateTime": "20220814130756.887500",
	"TaskName": "01ep2dboldSMS3",
	"TotalReadoutTime": 0.015640052,
	"SliceTiming": [
		0.708,
		0,
		0.491,
		0.056,
		0.546,
		0.111,
		0.601,
		0.163,
		0.653,
		0.273,
		0.763,
		0.328,
		0.818,
		0.38,
		0.871,
		0.436,
		0.926,
		0.218,
		0.708,
		0,
		0.491,
		0.056,
		0.546,
		0.111,
		0.601,
		0.163,
		0.653,
		0.273,
		0.763,
		0.328,
		0.818,
		0.38,
		0.871,
		0.436,
		0.926,
		0.218	],
	"RepetitionTime": 1,
	"ParallelReductionFactorInPlane": 3,
	"ParallelAcquisitionTechnique": "SliceAccel",
	"PhaseEncodingDirection": "j-",
	"EffectiveEchoSpacing": 0.00022666742,
	"EchoTime": 0.03,
	"SliceThickness": 3.7,
	"FlipAngle": 75,
	"Manufacturer": "Siemens",
	"SoftwareVersion": "syngo MR XA20",
	"MRAcquisitionType": "2D",
	"InstitutionName": "Hospital da Luz Coimbra",
	"InstitutionAddress": "Praceta Prof. Robalo Cordeiro,Coimbra,PT,3020-479",
	"DeviceSerialNumber": "175733",
	"SequenceName": "*epfid2d1_70"
}
