{
	"ConversionSoftware": "dicm2nii.m 20220526",
	"SeriesNumber": 5,
	"SeriesDescription": "gre_field_mapping",
	"ImageType": ["ORIGINAL", "PRIMARY", "M", "NONE"],
	"Modality": "MR",
	"AcquisitionDateTime": "20220904100851.735000",
	"TotalReadoutTime": 0.052416,
	"RepetitionTime": 0.407,
	"ParallelReductionFactorInPlane": 1,
	"ParallelAcquisitionTechnique": "none",
	"PhaseEncodingDirection": "i",
	"EffectiveEchoSpacing": 0.000832,
	"EchoTime": 0.00492,
	"deltaTE": 2.46,
	"SliceThickness": 3,
	"FlipAngle": 60,
	"Manufacturer": "Siemens",
	"SoftwareVersion": "syngo MR XA20",
	"MRAcquisitionType": "2D",
	"InstitutionName": "Hospital da Luz Coimbra",
	"InstitutionAddress": "Praceta Prof. Robalo Cordeiro,Coimbra,PT,3020-479",
	"DeviceSerialNumber": "175733",
	"SequenceName": "*fm2d2r"
}
